GEM
  remote: http://rubygems.org/
  specs:
    cairo (1.12.2)
      pkg-config
    chunky_png (1.2.6)
    ffi (1.2.0)
    libusb (0.2.2)
      ffi (>= 1.0)
    pkg-config (1.1.4)

PLATFORMS
  ruby

DEPENDENCIES
  cairo
  chunky_png
  libusb
